GEM
  remote: http://rubygems.org/
  specs:
    actionmailer (2.3.17)
      actionpack (= 2.3.17)
    actionpack (2.3.17)
      activesupport (= 2.3.17)
      rack (~> 1.1.0)
    activerecord (2.3.17)
      activesupport (= 2.3.17)
    activeresource (2.3.17)
      activesupport (= 2.3.17)
    activesupport (2.3.17)
    annotate (2.4.0)
    fastercsv (1.5.4)
    haml (3.0.25)
    hirb (0.3.4)
    mysql (2.8.1)
    prawn (0.6.3)
      prawn-core (>= 0.6.3, < 0.7)
      prawn-format (>= 0.2.3, < 0.3)
      prawn-layout (>= 0.3.2, < 0.4)
      prawn-security (>= 0.1.1, < 0.2)
    prawn-core (0.6.3)
    prawn-format (0.2.3)
      prawn-core
    prawn-layout (0.3.2)
    prawn-security (0.1.1)
    rack (1.1.6)
    rails (2.3.17)
      actionmailer (= 2.3.17)
      actionpack (= 2.3.17)
      activerecord (= 2.3.17)
      activeresource (= 2.3.17)
      activesupport (= 2.3.17)
      rake (>= 0.8.3)
    rake (10.0.3)
    routing-filter (0.0.1)
    sqlite3-ruby (1.2.4)

PLATFORMS
  ruby

DEPENDENCIES
  annotate
  fastercsv
  haml (>= 2.0.6)
  hirb
  mysql
  prawn (<= 0.6.3)
  rails (= 2.3.17)
  routing-filter (= 0.0.1)
  sqlite3-ruby
