GIT
  remote: git://github.com/bennibu/localize_input.git
  revision: 1de033997a66b3c22344799cd354e45f0dab4d32
  specs:
    localize_input (0.0.1)

GEM
  remote: http://rubygems.org/
  specs:
    abstract (1.0.0)
    actionmailer (3.0.16)
      actionpack (= 3.0.16)
      mail (~> 2.2.19)
    actionpack (3.0.16)
      activemodel (= 3.0.16)
      activesupport (= 3.0.16)
      builder (~> 2.1.2)
      erubis (~> 2.6.6)
      i18n (~> 0.5.0)
      rack (~> 1.2.5)
      rack-mount (~> 0.6.14)
      rack-test (~> 0.5.7)
      tzinfo (~> 0.3.23)
    activemodel (3.0.16)
      activesupport (= 3.0.16)
      builder (~> 2.1.2)
      i18n (~> 0.5.0)
    activerecord (3.0.16)
      activemodel (= 3.0.16)
      activesupport (= 3.0.16)
      arel (~> 2.0.10)
      tzinfo (~> 0.3.23)
    activeresource (3.0.16)
      activemodel (= 3.0.16)
      activesupport (= 3.0.16)
    activesupport (3.0.16)
    arel (2.0.10)
    builder (2.1.2)
    client_side_validations (3.0.4)
      activesupport (~> 3.0.0)
    erubis (2.6.6)
      abstract (>= 1.0.0)
    exception_notification (2.4.0)
    expression_parser (0.9.0)
    fastercsv (1.5.4)
    haml (3.1.4)
    has_scope (0.5.0)
    i18n (0.5.0)
    inherited_resources (1.2.2)
      has_scope (~> 0.5.0)
      responders (~> 0.6.0)
    jquery-rails (1.0.1)
      railties (~> 3.0)
      thor (~> 0.14)
    json (1.7.4)
    mail (2.2.19)
      activesupport (>= 2.3.6)
      i18n (>= 0.4.0)
      mime-types (~> 1.16)
      treetop (~> 1.4.8)
    meta_search (1.0.5)
      actionpack (~> 3.0.2)
      activerecord (~> 3.0.2)
      activesupport (~> 3.0.2)
      arel (~> 2.0.2)
    meta_where (1.0.4)
      activerecord (~> 3.0.0)
      activesupport (~> 3.0.0)
      arel (~> 2.0.7)
    mime-types (1.19)
    mysql2 (0.2.6)
    polyglot (0.3.3)
    prawn (0.6.3)
      prawn-core (>= 0.6.3, < 0.7)
      prawn-format (>= 0.2.3, < 0.3)
      prawn-layout (>= 0.3.2, < 0.4)
      prawn-security (>= 0.1.1, < 0.2)
    prawn-core (0.6.3)
    prawn-format (0.2.3)
      prawn-core
    prawn-layout (0.3.2)
    prawn-security (0.1.1)
    rack (1.2.5)
    rack-mount (0.6.14)
      rack (>= 1.0.0)
    rack-test (0.5.7)
      rack (>= 1.0)
    rails (3.0.16)
      actionmailer (= 3.0.16)
      actionpack (= 3.0.16)
      activerecord (= 3.0.16)
      activeresource (= 3.0.16)
      activesupport (= 3.0.16)
      bundler (~> 1.0)
      railties (= 3.0.16)
    rails3_acts_as_paranoid (0.0.9)
      activerecord (~> 3.0)
    railties (3.0.16)
      actionpack (= 3.0.16)
      activesupport (= 3.0.16)
      rake (>= 0.8.7)
      rdoc (~> 3.4)
      thor (~> 0.14.4)
    rake (0.9.2.2)
    rdoc (3.12)
      json (~> 1.4)
    responders (0.6.4)
    sass (3.1.1)
    simple_form (1.3.1)
    thor (0.14.6)
    treetop (1.4.10)
      polyglot
      polyglot (>= 0.3.1)
    tzinfo (0.3.33)
    wikicloth (0.8.0)
      builder
      expression_parser
    will_paginate (3.0.pre2)

PLATFORMS
  ruby

DEPENDENCIES
  client_side_validations
  exception_notification
  fastercsv
  haml
  inherited_resources
  jquery-rails
  localize_input!
  meta_search
  meta_where
  mysql2
  prawn (<= 0.6.3)
  rails (= 3.0.16)
  rails3_acts_as_paranoid (= 0.0.9)
  sass
  simple_form
  wikicloth
  will_paginate (~> 3.0.pre2)
