GEM
  remote: http://rubygems.org/
  specs:
    actionmailer (2.3.10)
      actionpack (= 2.3.10)
    actionpack (2.3.10)
      activesupport (= 2.3.10)
      rack (~> 1.1.0)
    activerecord (2.3.10)
      activesupport (= 2.3.10)
    activeresource (2.3.10)
      activesupport (= 2.3.10)
    activesupport (2.3.10)
    annotate (2.4.0)
    fastercsv (1.5.4)
    haml (3.0.25)
    mysql (2.8.1)
    prawn (0.6.3)
      prawn-core (< 0.7, >= 0.6.3)
      prawn-format (< 0.3, >= 0.2.3)
      prawn-layout (< 0.4, >= 0.3.2)
      prawn-security (< 0.2, >= 0.1.1)
    prawn-core (0.6.3)
    prawn-format (0.2.3)
      prawn-core
    prawn-layout (0.3.2)
    prawn-security (0.1.1)
    rack (1.1.0)
    rails (2.3.10)
      actionmailer (= 2.3.10)
      actionpack (= 2.3.10)
      activerecord (= 2.3.10)
      activeresource (= 2.3.10)
      activesupport (= 2.3.10)
      rake (>= 0.8.3)
    rake (0.8.7)
    routing-filter (0.0.1)
    sqlite3-ruby (1.2.4)

PLATFORMS
  ruby

DEPENDENCIES
  annotate
  fastercsv
  haml (>= 2.0.6)
  mysql
  prawn (<= 0.6.3)
  rails (= 2.3.10)
  routing-filter (= 0.0.1)
  sqlite3-ruby
